GIT
  remote: git://github.com/sstephenson/sprockets.git
  revision: 7345d9a38a4b204f7701746063610a958af22447
  specs:
    sprockets (2.0.0.beta.12)
      hike (~> 1.2)
      rack (~> 1.0)
      tilt (~> 1.1, != 1.3.0)

GEM
  remote: http://rubygems.org/
  specs:
    coffee-script (2.2.0)
      coffee-script-source
      execjs
    coffee-script-source (1.1.1)
    execjs (1.2.1)
      multi_json (~> 1.0)
    git (1.2.5)
    hike (1.2.0)
    jeweler (1.5.2)
      bundler (~> 1.0.0)
      git (>= 1.2.5)
      rake
    libv8 (3.3.10.2)
    multi_json (1.0.3)
    rack (1.3.2)
    rake (0.9.0)
    rcov (0.9.9)
    shoulda (2.11.3)
    therubyracer (0.9.2)
      libv8 (~> 3.3.10)
    tilt (1.3.2)

PLATFORMS
  ruby

DEPENDENCIES
  bundler (~> 1.0.0)
  coffee-script
  jeweler (~> 1.5.2)
  rcov
  shoulda
  sprockets!
  therubyracer
